PATH
  remote: .
  specs:
    ipgeobase_mongoid (1.0.0)
      mongoid (>= 3.0, < 5.0)

GEM
  remote: https://rubygems.org/
  specs:
    activemodel (3.2.14)
      activesupport (= 3.2.14)
      builder (~> 3.0.0)
    activesupport (3.2.14)
      i18n (~> 0.6, >= 0.6.4)
      multi_json (~> 1.0)
    builder (3.0.4)
    diff-lcs (1.2.4)
    i18n (0.6.5)
    mongoid (3.1.4)
      activemodel (~> 3.2)
      moped (~> 1.4)
      origin (~> 1.0)
      tzinfo (~> 0.3.22)
    moped (1.5.1)
    multi_json (1.7.9)
    origin (1.1.0)
    rspec (2.14.1)
      rspec-core (~> 2.14.0)
      rspec-expectations (~> 2.14.0)
      rspec-mocks (~> 2.14.0)
    rspec-core (2.14.5)
    rspec-expectations (2.14.1)
      diff-lcs (>= 1.1.3, < 2.0)
    rspec-mocks (2.14.3)
    tzinfo (0.3.37)

PLATFORMS
  ruby

DEPENDENCIES
  bundler (>= 1.0.21)
  ipgeobase_mongoid!
  rspec (>= 2.14.0)
